GEM
  remote: http://rubygems.org/
  specs:
    facter (1.7.4)
    hiera (1.3.0)
      json_pure
    json_pure (1.8.1)
    puppet (3.1.1)
      facter (~> 1.6)
      hiera (~> 1.0)
    puppet-lint (0.3.2)
    rake (10.1.1)

PLATFORMS
  ruby

DEPENDENCIES
  puppet (= 3.1.1)
  puppet-lint
  rake
